NUGET
  remote: https://www.nuget.org/api/v2
  specs:
    BCrypt-Official (0.1.109)
    canopy (0.9.54)
      FSharp.Core (>= 3.0.2)
      Selenium.WebDriver (2.53)
    FAKE (4.28)
    FSharp.Core (4.0.0.1)
    FSharp.Data.SqlClient (1.8.2)
    FsPickler (2.2)
    FsPickler.Json (2.2)
      FsPickler (2.2)
      Newtonsoft.Json (>= 6.0.5)
    Http.fs (1.5.1)
    Microsoft.Win32.Primitives (4.0.1-rc2-24027) - framework: >= netstandard13
      System.Runtime (>= 4.1.0-rc2-24027) - framework: >= netstandard13
    Newtonsoft.Json (8.0.3)
    Npgsql (3.1.3)
      Microsoft.Win32.Primitives (>= 4.0.1-rc2-24027) - framework: >= netstandard13
      System.Collections.Concurrent (>= 4.0.12-rc2-24027) - framework: >= netstandard13
      System.ComponentModel.TypeConverter (>= 4.0.1-rc2-24027) - framework: >= netstandard13
      System.Console (>= 4.0.0-rc2-24027) - framework: >= netstandard13
      System.Data.Common (>= 4.0.1-rc2-24027) - framework: >= netstandard13
      System.Diagnostics.Contracts (>= 4.0.1-rc2-24027) - framework: >= netstandard13
      System.Globalization.Extensions (>= 4.0.1-rc2-24027) - framework: >= netstandard13
      System.Linq (>= 4.1.0-rc2-24027) - framework: >= netstandard13
      System.Net.NameResolution (>= 4.0.0-rc2-24027) - framework: >= netstandard13
      System.Net.NetworkInformation (>= 4.1.0-rc2-24027) - framework: >= netstandard13
      System.Net.Primitives (>= 4.0.11-rc2-24027) - framework: >= netstandard13
      System.Net.Security (>= 4.0.0-rc2-24027) - framework: >= netstandard13
      System.Net.Sockets (>= 4.1.0-rc2-24027) - framework: >= netstandard13
      System.Reflection (>= 4.1.0-rc2-24027) - framework: >= netstandard13
      System.Reflection.Extensions (>= 4.0.1-rc2-24027) - framework: >= netstandard13
      System.Reflection.TypeExtensions (>= 4.1.0-rc2-24027) - framework: >= netstandard13
      System.Runtime (>= 4.1.0-rc2-24027) - framework: >= netstandard13
      System.Runtime.InteropServices (>= 4.1.0-rc2-24027) - framework: >= netstandard13
      System.Runtime.InteropServices.RuntimeInformation (>= 4.0.0-rc2-24027) - framework: >= netstandard13
      System.Runtime.Numerics (>= 4.0.1-rc2-24027) - framework: >= netstandard13
      System.Text.Encoding.Extensions (>= 4.0.11-rc2-24027) - framework: >= netstandard13
      System.Text.RegularExpressions (>= 4.0.12-rc2-24027) - framework: >= netstandard13
      System.Threading (>= 4.0.11-rc2-24027) - framework: >= netstandard13
      System.Threading.Thread (>= 4.0.0-rc2-24027) - framework: >= netstandard13
      System.Threading.Timer (>= 4.0.1-rc2-24027) - framework: >= netstandard13
    runtime.native.System (4.0.0-rc2-24027) - framework: >= netstandard13
    runtime.native.System.Net.Http (4.0.1-rc2-24027) - framework: >= netstandard13
    runtime.native.System.Net.Security (4.0.1-rc2-24027) - framework: >= netstandard13
    runtime.native.System.Security.Cryptography (4.0.0-rc2-24027) - framework: >= netstandard13
    Selenium.WebDriver (2.53)
    Suave (1.1.2)
      FSharp.Core (>= 3.1.2.5)
    Suave.Experimental (1.1.2)
      FSharp.Core (>= 3.1.2.5)
      Suave (>= 1.1.2)
    System.Collections (4.0.11-rc2-24027) - framework: >= netstandard13
      System.Runtime (>= 4.1.0-rc2-24027) - framework: dnxcore50, netstandard10, >= netstandard13
    System.Collections.Concurrent (4.0.12-rc2-24027) - framework: >= netstandard13
      System.Collections (>= 4.0.11-rc2-24027) - framework: dnxcore50, >= netstandard13
      System.Diagnostics.Debug (>= 4.0.11-rc2-24027) - framework: dnxcore50, >= netstandard13
      System.Diagnostics.Tracing (>= 4.1.0-rc2-24027) - framework: dnxcore50, >= netstandard13
      System.Globalization (>= 4.0.11-rc2-24027) - framework: dnxcore50, >= netstandard13
      System.Reflection (>= 4.1.0-rc2-24027) - framework: >= netstandard13
      System.Resources.ResourceManager (>= 4.0.1-rc2-24027) - framework: dnxcore50, >= netstandard13
      System.Runtime (>= 4.1.0-rc2-24027) - framework: dnxcore50, netstandard11, >= netstandard13
      System.Runtime.Extensions (>= 4.1.0-rc2-24027) - framework: dnxcore50, >= netstandard13
      System.Threading (>= 4.0.11-rc2-24027) - framework: dnxcore50, >= netstandard13
      System.Threading.Tasks (>= 4.0.11-rc2-24027) - framework: dnxcore50, netstandard11, >= netstandard13
    System.ComponentModel (4.0.1-rc2-24027) - framework: >= netstandard13
      System.Runtime (>= 4.1.0-rc2-24027) - framework: dnxcore50, netstandard10, >= netstandard13
    System.ComponentModel.Primitives (4.0.1-rc2-24027) - framework: >= netstandard13
      System.ComponentModel (>= 4.0.1-rc2-24027) - framework: >= netstandard10
      System.Runtime (>= 4.1.0-rc2-24027) - framework: >= netstandard10
    System.ComponentModel.TypeConverter (4.0.1-rc2-24027) - framework: >= netstandard13
      System.Collections (>= 4.0.11-rc2-24027) - framework: >= netstandard10
      System.ComponentModel (>= 4.0.1-rc2-24027) - framework: >= netstandard10
      System.ComponentModel.Primitives (>= 4.0.1-rc2-24027) - framework: >= net45, >= netstandard10, winv4.5, wpv8.0, wpav8.1
      System.Globalization (>= 4.0.11-rc2-24027) - framework: >= netstandard10
      System.Reflection (>= 4.1.0-rc2-24027) - framework: >= netstandard10
      System.Reflection.Extensions (>= 4.0.1-rc2-24027) - framework: >= netstandard10
      System.Reflection.Primitives (>= 4.0.1-rc2-24027) - framework: >= netstandard10
      System.Resources.ResourceManager (>= 4.0.1-rc2-24027) - framework: >= netstandard10
      System.Runtime (>= 4.1.0-rc2-24027) - framework: >= netstandard10
      System.Runtime.Extensions (>= 4.1.0-rc2-24027) - framework: >= netstandard10
      System.Threading (>= 4.0.11-rc2-24027) - framework: >= netstandard10
    System.Console (4.0.0-rc2-24027) - framework: >= netstandard13
      System.IO (>= 4.1.0-rc2-24027) - framework: >= netstandard13
      System.Runtime (>= 4.1.0-rc2-24027) - framework: >= netstandard13
      System.Text.Encoding (>= 4.0.11-rc2-24027) - framework: >= netstandard13
    System.Data.Common (4.0.1-rc2-24027) - framework: >= netstandard13
      System.Collections (>= 4.0.11-rc2-24027) - framework: >= netstandard10
      System.Globalization (>= 4.0.11-rc2-24027) - framework: >= netstandard10
      System.IO (>= 4.1.0-rc2-24027) - framework: >= netstandard10
      System.Resources.ResourceManager (>= 4.0.1-rc2-24027) - framework: >= netstandard10
      System.Runtime (>= 4.1.0-rc2-24027) - framework: >= netstandard10
      System.Runtime.Extensions (>= 4.1.0-rc2-24027) - framework: >= netstandard10
      System.Text.RegularExpressions (>= 4.0.12-rc2-24027) - framework: >= netstandard10
      System.Threading.Tasks (>= 4.0.11-rc2-24027) - framework: >= netstandard10
    System.Diagnostics.Contracts (4.0.1-rc2-24027) - framework: >= netstandard13
      System.Runtime (>= 4.1.0-rc2-24027) - framework: dnxcore50, >= netstandard10
    System.Diagnostics.Debug (4.0.11-rc2-24027) - framework: >= netstandard13
      System.Runtime (>= 4.1.0-rc2-24027) - framework: dnxcore50, netstandard10, >= netstandard13
    System.Diagnostics.Tracing (4.1.0-rc2-24027) - framework: >= netstandard13
      System.Runtime (>= 4.1.0-rc2-24027) - framework: dnxcore50, netstandard11, netstandard12, netstandard13, >= netstandard15
    System.Globalization (4.0.11-rc2-24027) - framework: >= netstandard13
      System.Runtime (>= 4.1.0-rc2-24027) - framework: dnxcore50, netstandard10, >= netstandard13
    System.Globalization.Calendars (4.0.1-rc2-24027) - framework: >= netstandard14
      System.Globalization (>= 4.0.11-rc2-24027) - framework: >= netstandard13
      System.Runtime (>= 4.1.0-rc2-24027) - framework: >= netstandard13
    System.Globalization.Extensions (4.0.1-rc2-24027) - framework: >= netstandard13
      System.Globalization (>= 4.0.11-rc2-24027) - framework: >= netstandard13
      System.Resources.ResourceManager (>= 4.0.1-rc2-24027) - framework: >= netstandard13
      System.Runtime (>= 4.1.0-rc2-24027) - framework: >= netstandard13
      System.Runtime.Extensions (>= 4.1.0-rc2-24027) - framework: >= netstandard13
      System.Runtime.InteropServices (>= 4.1.0-rc2-24027) - framework: >= netstandard13
    System.IO (4.1.0-rc2-24027) - framework: >= netstandard13
      System.Runtime (>= 4.1.0-rc2-24027) - framework: dnxcore50, netstandard10, netstandard13, >= netstandard15
      System.Text.Encoding (>= 4.0.11-rc2-24027) - framework: dnxcore50, netstandard10, netstandard13, >= netstandard15
      System.Threading.Tasks (>= 4.0.11-rc2-24027) - framework: dnxcore50, netstandard10, netstandard13, >= netstandard15
    System.IO.FileSystem (4.0.1-rc2-24027) - framework: >= netstandard13
      System.IO (>= 4.1.0-rc2-24027) - framework: >= netstandard13
      System.IO.FileSystem.Primitives (>= 4.0.1-rc2-24027) - framework: >= net46, >= netstandard13
      System.Runtime (>= 4.1.0-rc2-24027) - framework: >= netstandard13
      System.Runtime.Handles (>= 4.0.1-rc2-24027) - framework: >= netstandard13
      System.Text.Encoding (>= 4.0.11-rc2-24027) - framework: >= netstandard13
      System.Threading.Tasks (>= 4.0.11-rc2-24027) - framework: >= netstandard13
    System.IO.FileSystem.Primitives (4.0.1-rc2-24027) - framework: >= netstandard13
      System.Runtime (>= 4.1.0-rc2-24027) - framework: >= netstandard13
    System.IO.FileSystem.Watcher (4.0.0-rc2-24027) - framework: >= netstandard14
      Microsoft.Win32.Primitives (>= 4.0.1-rc2-24027) - framework: >= netstandard13
      runtime.native.System (>= 4.0.0-rc2-24027) - framework: >= net46, >= netstandard13
      System.Collections (>= 4.0.11-rc2-24027) - framework: >= netstandard13
      System.IO.FileSystem (>= 4.0.1-rc2-24027) - framework: >= netstandard13
      System.IO.FileSystem.Primitives (>= 4.0.1-rc2-24027) - framework: >= netstandard13
      System.Resources.ResourceManager (>= 4.0.1-rc2-24027) - framework: >= netstandard13
      System.Runtime (>= 4.1.0-rc2-24027) - framework: >= netstandard13
      System.Runtime.Extensions (>= 4.1.0-rc2-24027) - framework: >= netstandard13
      System.Runtime.Handles (>= 4.0.1-rc2-24027) - framework: >= netstandard13
      System.Runtime.InteropServices (>= 4.1.0-rc2-24027) - framework: >= netstandard13
      System.Text.Encoding (>= 4.0.11-rc2-24027) - framework: >= netstandard13
      System.Threading (>= 4.0.11-rc2-24027) - framework: >= netstandard13
      System.Threading.Overlapped (>= 4.0.1-rc2-24027) - framework: >= netstandard13
      System.Threading.Tasks (>= 4.0.11-rc2-24027) - framework: >= netstandard13
      System.Threading.Thread (>= 4.0.0-rc2-24027) - framework: >= netstandard13
    System.Linq (4.1.0-rc2-24027) - framework: >= netstandard13
      System.Collections (>= 4.0.11-rc2-24027) - framework: dnxcore50, netstandard10, >= netstandard15
      System.Diagnostics.Debug (>= 4.0.11-rc2-24027) - framework: dnxcore50, >= netstandard15
      System.Resources.ResourceManager (>= 4.0.1-rc2-24027) - framework: dnxcore50, >= netstandard15
      System.Runtime (>= 4.1.0-rc2-24027) - framework: dnxcore50, netstandard10, >= netstandard15
      System.Runtime.Extensions (>= 4.1.0-rc2-24027) - framework: dnxcore50, >= netstandard15
    System.Net.NameResolution (4.0.0-rc2-24027) - framework: >= netstandard13
      System.Collections (>= 4.0.11-rc2-24027) - framework: dnxcore50, >= netstandard13
      System.Diagnostics.Tracing (>= 4.1.0-rc2-24027) - framework: dnxcore50, >= netstandard13
      System.Globalization (>= 4.0.11-rc2-24027) - framework: dnxcore50, >= netstandard13
      System.Net.Primitives (>= 4.0.11-rc2-24027) - framework: dnxcore50, >= netstandard13
      System.Resources.ResourceManager (>= 4.0.1-rc2-24027) - framework: dnxcore50, >= netstandard13
      System.Runtime (>= 4.1.0-rc2-24027) - framework: dnxcore50, >= netstandard13
      System.Runtime.Extensions (>= 4.1.0-rc2-24027) - framework: dnxcore50, >= netstandard13
      System.Runtime.Handles (>= 4.0.1-rc2-24027) - framework: dnxcore50, >= netstandard13
      System.Runtime.InteropServices (>= 4.1.0-rc2-24027) - framework: dnxcore50, >= netstandard13
      System.Security.Principal.Windows (>= 4.0.0-rc2-24027) - framework: >= netstandard13
      System.Threading (>= 4.0.11-rc2-24027) - framework: dnxcore50, >= netstandard13
      System.Threading.Tasks (>= 4.0.11-rc2-24027) - framework: dnxcore50, >= netstandard13
    System.Net.NetworkInformation (4.1.0-rc2-24027) - framework: >= netstandard13
      Microsoft.Win32.Primitives (>= 4.0.1-rc2-24027) - framework: dnxcore50, >= netstandard13
      runtime.native.System (>= 4.0.0-rc2-24027) - framework: >= net46, dnxcore50, netstandard10, >= netstandard13
      System.Collections (>= 4.0.11-rc2-24027) - framework: dnxcore50, >= netstandard13
      System.Diagnostics.Tracing (>= 4.1.0-rc2-24027) - framework: dnxcore50, >= netstandard13
      System.Globalization (>= 4.0.11-rc2-24027) - framework: dnxcore50, >= netstandard13
      System.IO (>= 4.1.0-rc2-24027) - framework: >= netstandard13
      System.IO.FileSystem (>= 4.0.1-rc2-24027) - framework: >= netstandard13
      System.IO.FileSystem.Primitives (>= 4.0.1-rc2-24027) - framework: >= netstandard13
      System.Linq (>= 4.1.0-rc2-24027) - framework: >= netstandard13
      System.Net.Primitives (>= 4.0.11-rc2-24027) - framework: dnxcore50, >= netstandard13
      System.Net.Sockets (>= 4.1.0-rc2-24027) - framework: >= netstandard13
      System.Resources.ResourceManager (>= 4.0.1-rc2-24027) - framework: dnxcore50, >= netstandard13
      System.Runtime (>= 4.1.0-rc2-24027) - framework: dnxcore50, netstandard10, >= netstandard13
      System.Runtime.Extensions (>= 4.1.0-rc2-24027) - framework: dnxcore50, >= netstandard13
      System.Runtime.Handles (>= 4.0.1-rc2-24027) - framework: >= netstandard13
      System.Runtime.InteropServices (>= 4.1.0-rc2-24027) - framework: dnxcore50, >= netstandard13
      System.Security.Principal.Windows (>= 4.0.0-rc2-24027) - framework: >= netstandard13
      System.Threading (>= 4.0.11-rc2-24027) - framework: dnxcore50, >= netstandard13
      System.Threading.Overlapped (>= 4.0.1-rc2-24027) - framework: >= netstandard13
      System.Threading.Tasks (>= 4.0.11-rc2-24027) - framework: dnxcore50, >= netstandard13
      System.Threading.Thread (>= 4.0.0-rc2-24027) - framework: >= netstandard13
      System.Threading.ThreadPool (>= 4.0.10-rc2-24027) - framework: >= netstandard13
    System.Net.Primitives (4.0.11-rc2-24027) - framework: >= netstandard13
      System.Runtime (>= 4.1.0-rc2-24027) - framework: dnxcore50, netstandard10, netstandard11, >= netstandard13
      System.Runtime.Handles (>= 4.0.1-rc2-24027) - framework: dnxcore50, >= netstandard13
    System.Net.Security (4.0.0-rc2-24027) - framework: >= netstandard13
      Microsoft.Win32.Primitives (>= 4.0.1-rc2-24027) - framework: >= netstandard13
      runtime.native.System.Net.Security (>= 4.0.1-rc2-24027) - framework: >= net46, >= netstandard13
      System.Collections (>= 4.0.11-rc2-24027) - framework: >= netstandard13
      System.Collections.Concurrent (>= 4.0.12-rc2-24027) - framework: >= netstandard13
      System.Diagnostics.Tracing (>= 4.1.0-rc2-24027) - framework: >= netstandard13
      System.Globalization (>= 4.0.11-rc2-24027) - framework: >= netstandard13
      System.Globalization.Extensions (>= 4.0.1-rc2-24027) - framework: >= netstandard14
      System.IO (>= 4.1.0-rc2-24027) - framework: >= netstandard13
      System.Net.Primitives (>= 4.0.11-rc2-24027) - framework: >= netstandard13
      System.Resources.ResourceManager (>= 4.0.1-rc2-24027) - framework: >= netstandard13
      System.Runtime (>= 4.1.0-rc2-24027) - framework: >= netstandard13
      System.Runtime.Extensions (>= 4.1.0-rc2-24027) - framework: >= netstandard13
      System.Runtime.Handles (>= 4.0.1-rc2-24027) - framework: >= netstandard13
      System.Runtime.InteropServices (>= 4.1.0-rc2-24027) - framework: >= netstandard13
      System.Security.Claims (>= 4.0.1-rc2-24027) - framework: >= netstandard13
      System.Security.Cryptography.Algorithms (>= 4.1.0-rc2-24027) - framework: >= netstandard14
      System.Security.Cryptography.Encoding (>= 4.0.0-rc2-24027) - framework: >= netstandard14
      System.Security.Cryptography.OpenSsl (>= 4.0.0-rc2-24027) - framework: >= netstandard14
      System.Security.Cryptography.Primitives (>= 4.0.0-rc2-24027) - framework: >= netstandard13
      System.Security.Cryptography.X509Certificates (>= 4.1.0-rc2-24027) - framework: >= net46, >= netstandard13
      System.Security.Principal (>= 4.0.1-rc2-24027) - framework: >= netstandard13
      System.Security.Principal.Windows (>= 4.0.0-rc2-24027) - framework: netstandard13
      System.Text.Encoding (>= 4.0.11-rc2-24027) - framework: >= netstandard14
      System.Threading (>= 4.0.11-rc2-24027) - framework: >= netstandard13
      System.Threading.Tasks (>= 4.0.11-rc2-24027) - framework: >= netstandard13
      System.Threading.ThreadPool (>= 4.0.10-rc2-24027) - framework: >= netstandard13
    System.Net.Sockets (4.1.0-rc2-24027) - framework: >= netstandard13
      System.IO (>= 4.1.0-rc2-24027) - framework: >= netstandard13
      System.Net.Primitives (>= 4.0.11-rc2-24027) - framework: >= netstandard13
      System.Runtime (>= 4.1.0-rc2-24027) - framework: >= netstandard13
      System.Threading.Tasks (>= 4.0.11-rc2-24027) - framework: >= netstandard13
    System.Reflection (4.1.0-rc2-24027) - framework: >= netstandard13
      System.IO (>= 4.1.0-rc2-24027) - framework: dnxcore50, netstandard10, netstandard13, >= netstandard15
      System.Reflection.Primitives (>= 4.0.1-rc2-24027) - framework: dnxcore50, netstandard10, netstandard13, >= netstandard15
      System.Runtime (>= 4.1.0-rc2-24027) - framework: dnxcore50, netstandard10, netstandard13, >= netstandard15
    System.Reflection.Extensions (4.0.1-rc2-24027) - framework: >= netstandard13
      System.Reflection (>= 4.1.0-rc2-24027) - framework: dnxcore50, >= netstandard10
      System.Runtime (>= 4.1.0-rc2-24027) - framework: dnxcore50, >= netstandard10
    System.Reflection.Primitives (4.0.1-rc2-24027) - framework: >= netstandard13
      System.Runtime (>= 4.1.0-rc2-24027) - framework: dnxcore50, >= netstandard10
    System.Reflection.TypeExtensions (4.1.0-rc2-24027) - framework: >= netstandard13
      System.Reflection (>= 4.1.0-rc2-24027) - framework: dnxcore50, netstandard13, >= netstandard15
      System.Runtime (>= 4.1.0-rc2-24027) - framework: dnxcore50, netstandard13, >= netstandard15
    System.Resources.ResourceManager (4.0.1-rc2-24027) - framework: >= netstandard13
      System.Globalization (>= 4.0.11-rc2-24027) - framework: dnxcore50, >= netstandard10
      System.Reflection (>= 4.1.0-rc2-24027) - framework: dnxcore50, >= netstandard10
      System.Runtime (>= 4.1.0-rc2-24027) - framework: dnxcore50, >= netstandard10
    System.Runtime (4.1.0-rc2-24027) - framework: >= netstandard13
    System.Runtime.Extensions (4.1.0-rc2-24027) - framework: >= netstandard13
      System.Runtime (>= 4.1.0-rc2-24027) - framework: dnxcore50, netstandard10, netstandard13, >= netstandard15
    System.Runtime.Handles (4.0.1-rc2-24027) - framework: >= netstandard13
      System.Runtime (>= 4.1.0-rc2-24027) - framework: >= netstandard13
    System.Runtime.InteropServices (4.1.0-rc2-24027) - framework: >= netstandard13
      System.Reflection (>= 4.1.0-rc2-24027) - framework: dnxcore50, netstandard11, netstandard12, netstandard13, >= netstandard15
      System.Reflection.Primitives (>= 4.0.1-rc2-24027) - framework: dnxcore50, netstandard11, netstandard12, netstandard13, >= netstandard15
      System.Runtime (>= 4.1.0-rc2-24027) - framework: dnxcore50, netstandard11, netstandard12, netstandard13, >= netstandard15
      System.Runtime.Handles (>= 4.0.1-rc2-24027) - framework: dnxcore50, netstandard13, >= netstandard15
      System.Runtime.InteropServices.PInvoke (>= 4.0.0-rc2-24027) - framework: >= netstandard15
    System.Runtime.InteropServices.PInvoke (4.0.0-rc2-24027) - framework: >= netstandard15
      System.Runtime (>= 4.1.0-rc2-24027) - framework: >= netstandard13
      System.Runtime.Handles (>= 4.0.1-rc2-24027) - framework: >= netstandard13
    System.Runtime.InteropServices.RuntimeInformation (4.0.0-rc2-24027) - framework: >= netstandard13
      System.Runtime (>= 4.1.0-rc2-24027) - framework: >= netstandard11
    System.Runtime.Numerics (4.0.1-rc2-24027) - framework: >= netstandard13
      System.Globalization (>= 4.0.11-rc2-24027) - framework: dnxcore50, >= netstandard13
      System.Resources.ResourceManager (>= 4.0.1-rc2-24027) - framework: dnxcore50, >= netstandard13
      System.Runtime (>= 4.1.0-rc2-24027) - framework: dnxcore50, netstandard11, >= netstandard13
      System.Runtime.Extensions (>= 4.1.0-rc2-24027) - framework: dnxcore50, >= netstandard13
    System.Security.Claims (4.0.1-rc2-24027) - framework: >= netstandard13
      System.Collections (>= 4.0.11-rc2-24027) - framework: >= netstandard13
      System.Globalization (>= 4.0.11-rc2-24027) - framework: >= netstandard13
      System.IO (>= 4.1.0-rc2-24027) - framework: >= netstandard13
      System.Resources.ResourceManager (>= 4.0.1-rc2-24027) - framework: >= netstandard13
      System.Runtime (>= 4.1.0-rc2-24027) - framework: >= netstandard13
      System.Runtime.Extensions (>= 4.1.0-rc2-24027) - framework: >= netstandard13
      System.Security.Principal (>= 4.0.1-rc2-24027) - framework: >= netstandard13
    System.Security.Cryptography.Algorithms (4.1.0-rc2-24027) - framework: >= netstandard13
      System.IO (>= 4.1.0-rc2-24027) - framework: >= netstandard13
      System.Resources.ResourceManager (>= 4.0.1-rc2-24027) - framework: >= netstandard14
      System.Runtime (>= 4.1.0-rc2-24027) - framework: >= netstandard13
      System.Runtime.Extensions (>= 4.1.0-rc2-24027) - framework: >= netstandard14
      System.Runtime.Handles (>= 4.0.1-rc2-24027) - framework: >= netstandard14
      System.Runtime.InteropServices (>= 4.1.0-rc2-24027) - framework: >= netstandard14
      System.Security.Cryptography.Primitives (>= 4.0.0-rc2-24027) - framework: net46, >= net461, >= netstandard13
      System.Text.Encoding (>= 4.0.11-rc2-24027) - framework: >= netstandard14
    System.Security.Cryptography.Cng (4.1.0-rc2-24027) - framework: >= netstandard14
      System.IO (>= 4.1.0-rc2-24027) - framework: >= netstandard13
      System.Resources.ResourceManager (>= 4.0.1-rc2-24027) - framework: >= netstandard14
      System.Runtime (>= 4.1.0-rc2-24027) - framework: >= netstandard13
      System.Runtime.Extensions (>= 4.1.0-rc2-24027) - framework: >= netstandard14
      System.Runtime.Handles (>= 4.0.1-rc2-24027) - framework: >= netstandard13
      System.Runtime.InteropServices (>= 4.1.0-rc2-24027) - framework: >= netstandard14
      System.Security.Cryptography.Algorithms (>= 4.1.0-rc2-24027) - framework: net46, >= net461, >= netstandard13
      System.Security.Cryptography.Primitives (>= 4.0.0-rc2-24027) - framework: net46, >= net461, >= netstandard13
      System.Text.Encoding (>= 4.0.11-rc2-24027) - framework: >= netstandard14
    System.Security.Cryptography.Csp (4.0.0-rc2-24027) - framework: >= netstandard14
      System.IO (>= 4.1.0-rc2-24027) - framework: >= netstandard13
      System.Reflection (>= 4.1.0-rc2-24027) - framework: >= netstandard13
      System.Resources.ResourceManager (>= 4.0.1-rc2-24027) - framework: >= netstandard13
      System.Runtime (>= 4.1.0-rc2-24027) - framework: >= netstandard13
      System.Runtime.Extensions (>= 4.1.0-rc2-24027) - framework: >= netstandard13
      System.Runtime.Handles (>= 4.0.1-rc2-24027) - framework: >= netstandard13
      System.Runtime.InteropServices (>= 4.1.0-rc2-24027) - framework: >= netstandard13
      System.Security.Cryptography.Algorithms (>= 4.1.0-rc2-24027) - framework: >= net46, >= netstandard13
      System.Security.Cryptography.Encoding (>= 4.0.0-rc2-24027) - framework: >= netstandard13
      System.Security.Cryptography.Primitives (>= 4.0.0-rc2-24027) - framework: >= net46, >= netstandard13
      System.Text.Encoding (>= 4.0.11-rc2-24027) - framework: >= netstandard13
      System.Threading (>= 4.0.11-rc2-24027) - framework: >= netstandard13
    System.Security.Cryptography.Encoding (4.0.0-rc2-24027) - framework: >= netstandard13
      runtime.native.System.Security.Cryptography (>= 4.0.0-rc2-24027) - framework: >= net46, >= netstandard13
      System.Collections (>= 4.0.11-rc2-24027) - framework: >= netstandard13
      System.Collections.Concurrent (>= 4.0.12-rc2-24027) - framework: >= netstandard13
      System.Diagnostics.Debug (>= 4.0.11-rc2-24027) - framework: >= netstandard13
      System.Linq (>= 4.1.0-rc2-24027) - framework: >= netstandard13
      System.Resources.ResourceManager (>= 4.0.1-rc2-24027) - framework: >= netstandard13
      System.Runtime (>= 4.1.0-rc2-24027) - framework: >= netstandard13
      System.Runtime.Extensions (>= 4.1.0-rc2-24027) - framework: >= netstandard13
      System.Runtime.Handles (>= 4.0.1-rc2-24027) - framework: >= netstandard13
      System.Runtime.InteropServices (>= 4.1.0-rc2-24027) - framework: >= netstandard13
      System.Security.Cryptography.Primitives (>= 4.0.0-rc2-24027) - framework: >= netstandard13
      System.Text.Encoding (>= 4.0.11-rc2-24027) - framework: >= netstandard13
    System.Security.Cryptography.OpenSsl (4.0.0-rc2-24027) - framework: >= netstandard14
      runtime.native.System.Security.Cryptography (>= 4.0.0-rc2-24027) - framework: >= netstandard14
      System.Collections (>= 4.0.11-rc2-24027) - framework: >= netstandard14
      System.IO (>= 4.1.0-rc2-24027) - framework: >= netstandard14
      System.Resources.ResourceManager (>= 4.0.1-rc2-24027) - framework: >= netstandard14
      System.Runtime (>= 4.1.0-rc2-24027) - framework: >= netstandard14
      System.Runtime.Extensions (>= 4.1.0-rc2-24027) - framework: >= netstandard14
      System.Runtime.Handles (>= 4.0.1-rc2-24027) - framework: >= netstandard14
      System.Runtime.InteropServices (>= 4.1.0-rc2-24027) - framework: >= netstandard14
      System.Runtime.Numerics (>= 4.0.1-rc2-24027) - framework: >= netstandard14
      System.Security.Cryptography.Algorithms (>= 4.1.0-rc2-24027) - framework: >= netstandard14
      System.Security.Cryptography.Encoding (>= 4.0.0-rc2-24027) - framework: >= netstandard14
      System.Security.Cryptography.Primitives (>= 4.0.0-rc2-24027) - framework: >= netstandard14
      System.Text.Encoding (>= 4.0.11-rc2-24027) - framework: >= netstandard14
    System.Security.Cryptography.Primitives (4.0.0-rc2-24027) - framework: >= netstandard13
      System.Diagnostics.Debug (>= 4.0.11-rc2-24027) - framework: >= netstandard13
      System.Globalization (>= 4.0.11-rc2-24027) - framework: >= netstandard13
      System.IO (>= 4.1.0-rc2-24027) - framework: >= netstandard13
      System.Resources.ResourceManager (>= 4.0.1-rc2-24027) - framework: >= netstandard13
      System.Runtime (>= 4.1.0-rc2-24027) - framework: >= netstandard13
      System.Threading (>= 4.0.11-rc2-24027) - framework: >= netstandard13
      System.Threading.Tasks (>= 4.0.11-rc2-24027) - framework: >= netstandard13
    System.Security.Cryptography.X509Certificates (4.1.0-rc2-24027) - framework: >= netstandard13
      runtime.native.System (>= 4.0.0-rc2-24027) - framework: net46, >= net461, dnxcore50, >= netstandard13
      runtime.native.System.Net.Http (>= 4.0.1-rc2-24027) - framework: net46, >= net461, dnxcore50, >= netstandard13
      runtime.native.System.Security.Cryptography (>= 4.0.0-rc2-24027) - framework: net46, >= net461, dnxcore50, >= netstandard13
      System.Collections (>= 4.0.11-rc2-24027) - framework: dnxcore50, >= netstandard14
      System.Diagnostics.Debug (>= 4.0.11-rc2-24027) - framework: >= netstandard14
      System.Globalization (>= 4.0.11-rc2-24027) - framework: dnxcore50, >= netstandard14
      System.Globalization.Calendars (>= 4.0.1-rc2-24027) - framework: dnxcore50, >= netstandard14
      System.IO (>= 4.1.0-rc2-24027) - framework: dnxcore50, >= netstandard14
      System.IO.FileSystem (>= 4.0.1-rc2-24027) - framework: dnxcore50, >= netstandard14
      System.IO.FileSystem.Primitives (>= 4.0.1-rc2-24027) - framework: >= netstandard14
      System.IO.FileSystem.Watcher (>= 4.0.0-rc2-24027) - framework: >= netstandard14
      System.Resources.ResourceManager (>= 4.0.1-rc2-24027) - framework: dnxcore50, >= netstandard14
      System.Runtime (>= 4.1.0-rc2-24027) - framework: dnxcore50, >= netstandard13
      System.Runtime.Extensions (>= 4.1.0-rc2-24027) - framework: dnxcore50, >= netstandard14
      System.Runtime.Handles (>= 4.0.1-rc2-24027) - framework: dnxcore50, >= netstandard13
      System.Runtime.InteropServices (>= 4.1.0-rc2-24027) - framework: dnxcore50, >= netstandard14
      System.Runtime.Numerics (>= 4.0.1-rc2-24027) - framework: dnxcore50, >= netstandard14
      System.Security.Cryptography.Algorithms (>= 4.1.0-rc2-24027) - framework: net46, >= net461, dnxcore50, >= netstandard13
      System.Security.Cryptography.Cng (>= 4.1.0-rc2-24027) - framework: dnxcore50, >= netstandard14
      System.Security.Cryptography.Csp (>= 4.0.0-rc2-24027) - framework: >= netstandard14
      System.Security.Cryptography.Encoding (>= 4.0.0-rc2-24027) - framework: net46, >= net461, dnxcore50, >= netstandard13
      System.Security.Cryptography.OpenSsl (>= 4.0.0-rc2-24027) - framework: >= netstandard14
      System.Security.Cryptography.Primitives (>= 4.0.0-rc2-24027) - framework: dnxcore50, >= netstandard14
      System.Text.Encoding (>= 4.0.11-rc2-24027) - framework: dnxcore50, >= netstandard14
      System.Threading (>= 4.0.11-rc2-24027) - framework: dnxcore50, >= netstandard14
    System.Security.Principal (4.0.1-rc2-24027) - framework: >= netstandard13
      System.Runtime (>= 4.1.0-rc2-24027) - framework: dnxcore50, >= netstandard10
    System.Security.Principal.Windows (4.0.0-rc2-24027) - framework: >= netstandard13
      Microsoft.Win32.Primitives (>= 4.0.1-rc2-24027) - framework: >= netstandard13
      System.Collections (>= 4.0.11-rc2-24027) - framework: >= netstandard13
      System.Diagnostics.Debug (>= 4.0.11-rc2-24027) - framework: >= netstandard13
      System.Reflection (>= 4.1.0-rc2-24027) - framework: >= netstandard13
      System.Resources.ResourceManager (>= 4.0.1-rc2-24027) - framework: >= netstandard13
      System.Runtime (>= 4.1.0-rc2-24027) - framework: >= netstandard13
      System.Runtime.Extensions (>= 4.1.0-rc2-24027) - framework: >= netstandard13
      System.Runtime.Handles (>= 4.0.1-rc2-24027) - framework: >= netstandard13
      System.Runtime.InteropServices (>= 4.1.0-rc2-24027) - framework: >= netstandard13
      System.Security.Claims (>= 4.0.1-rc2-24027) - framework: >= net46, >= netstandard13
      System.Security.Principal (>= 4.0.1-rc2-24027) - framework: >= netstandard13
      System.Text.Encoding (>= 4.0.11-rc2-24027) - framework: >= netstandard13
      System.Threading (>= 4.0.11-rc2-24027) - framework: >= netstandard13
    System.Text.Encoding (4.0.11-rc2-24027) - framework: >= netstandard13
      System.Runtime (>= 4.1.0-rc2-24027) - framework: dnxcore50, netstandard10, >= netstandard13
    System.Text.Encoding.Extensions (4.0.11-rc2-24027) - framework: >= netstandard13
      System.Runtime (>= 4.1.0-rc2-24027) - framework: dnxcore50, netstandard10, >= netstandard13
      System.Text.Encoding (>= 4.0.11-rc2-24027) - framework: dnxcore50, netstandard10, >= netstandard13
    System.Text.RegularExpressions (4.0.12-rc2-24027) - framework: >= netstandard13
      System.Collections (>= 4.0.11-rc2-24027) - framework: dnxcore50, >= netstandard13
      System.Globalization (>= 4.0.11-rc2-24027) - framework: dnxcore50, >= netstandard13
      System.Resources.ResourceManager (>= 4.0.1-rc2-24027) - framework: dnxcore50, >= netstandard13
      System.Runtime (>= 4.1.0-rc2-24027) - framework: dnxcore50, netstandard10, >= netstandard13
      System.Runtime.Extensions (>= 4.1.0-rc2-24027) - framework: dnxcore50, >= netstandard13
      System.Threading (>= 4.0.11-rc2-24027) - framework: dnxcore50, >= netstandard13
    System.Threading (4.0.11-rc2-24027) - framework: >= netstandard13
      System.Runtime (>= 4.1.0-rc2-24027) - framework: dnxcore50, netstandard10, >= netstandard13
      System.Threading.Tasks (>= 4.0.11-rc2-24027) - framework: dnxcore50, netstandard10, >= netstandard13
    System.Threading.Overlapped (4.0.1-rc2-24027) - framework: >= netstandard13
      System.Resources.ResourceManager (>= 4.0.1-rc2-24027) - framework: dnxcore50, >= netstandard13
      System.Runtime (>= 4.1.0-rc2-24027) - framework: dnxcore50, >= netstandard13
      System.Runtime.Handles (>= 4.0.1-rc2-24027) - framework: dnxcore50, >= netstandard13
    System.Threading.Tasks (4.0.11-rc2-24027) - framework: >= netstandard13
      System.Runtime (>= 4.1.0-rc2-24027) - framework: dnxcore50, netstandard10, >= netstandard13
    System.Threading.Thread (4.0.0-rc2-24027) - framework: >= netstandard13
      System.Runtime (>= 4.1.0-rc2-24027) - framework: >= netstandard13
    System.Threading.ThreadPool (4.0.10-rc2-24027) - framework: >= netstandard13
      System.Runtime (>= 4.1.0-rc2-24027) - framework: >= netstandard13
      System.Runtime.Handles (>= 4.0.1-rc2-24027) - framework: >= netstandard13
    System.Threading.Timer (4.0.1-rc2-24027) - framework: >= netstandard13
      System.Runtime (>= 4.1.0-rc2-24027) - framework: dnxcore50, >= netstandard12
